GEM
  remote: http://rubygems.org/
  specs:
    iconv (1.0.4)

PLATFORMS
  ruby

DEPENDENCIES
  iconv

BUNDLED WITH
   1.11.2
