GIT
  remote: git://github.com/arbarlow/ruby-mp4info.git
  revision: 9399d0d814c88a7988e32d5d32a076ee48b8f72a
  specs:
    mp4info (1.7.3)

GEM
  remote: http://rubygems.org/
  specs:
    activemodel (3.1.3)
      activesupport (= 3.1.3)
      builder (~> 3.0.0)
      i18n (~> 0.6)
    activerecord (3.1.3)
      activemodel (= 3.1.3)
      activesupport (= 3.1.3)
      arel (~> 2.2.1)
      tzinfo (~> 0.3.29)
    activesupport (3.1.3)
      multi_json (~> 1.0)
    arel (2.2.1)
    builder (3.0.0)
    hpricot (0.8.5)
    i18n (0.6.0)
    iconv (1.0.3)
    multi_json (1.0.4)
    rb-appscript (0.6.1)
    ruby-mp3info (0.6.16)
    tzinfo (0.3.31)

PLATFORMS
  ruby

DEPENDENCIES
  activerecord
  hpricot
  iconv
  mp4info!
  rb-appscript
  ruby-mp3info
