GIT
  remote: git://github.com/arbarlow/ruby-mp4info.git
  revision: 7cde76dc34108fdbb4dc1b4c3bb3ef30c4da403e
  specs:
    mp4info (1.7.3)

GEM
  remote: http://rubygems.org/
  specs:
    activemodel (3.2.8)
      activesupport (= 3.2.8)
      builder (~> 3.0.0)
    activerecord (3.2.8)
      activemodel (= 3.2.8)
      activesupport (= 3.2.8)
      arel (~> 3.0.2)
      tzinfo (~> 0.3.29)
    activesupport (3.2.8)
      i18n (~> 0.6)
      multi_json (~> 1.0)
    arel (3.0.2)
    builder (3.0.4)
    byebug (9.0.6)
    hpricot (0.8.6)
    i18n (0.6.9)
    iconv (1.0.4)
    multi_json (1.8.2)
    rb-appscript (0.6.1)
    ruby-mp3info (0.8.3)
    tzinfo (0.3.38)

PLATFORMS
  ruby

DEPENDENCIES
  activerecord
  byebug
  hpricot
  iconv
  mp4info!
  rb-appscript
  ruby-mp3info

BUNDLED WITH
   1.11.2
